GEM
  remote: https://rubygems.org/
  specs:
    ffi (1.13.1)
    image_processing (1.11.0)
      mini_magick (>= 4.9.5, < 5)
      ruby-vips (>= 2.0.17, < 3)
    mini_magick (4.10.1)
    ruby-vips (2.0.17)
      ffi (~> 1.9)

PLATFORMS
  ruby

DEPENDENCIES
  image_processing

RUBY VERSION
   ruby 2.7.1p83

BUNDLED WITH
   2.1.4
